GEM
  remote: http://rubygems.org/
  remote: http://gems.github.com/
  specs:
    acl9 (0.12.0)
    actionmailer (2.3.8)
      actionpack (= 2.3.8)
    actionpack (2.3.8)
      activesupport (= 2.3.8)
      rack (~> 1.1.0)
    activerecord (2.3.8)
      activesupport (= 2.3.8)
    activeresource (2.3.8)
      activesupport (= 2.3.8)
    activesupport (2.3.8)
    addressable (2.2.6)
    annotate (2.4.0)
    authlogic (2.1.6)
      activesupport
    builder (3.0.0)
    chronic (0.6.6)
    columnize (0.3.4)
    dancroak-twitter-search (0.5.8)
      json (>= 1.1.2)
    escape (0.0.4)
    faraday (0.7.5)
      addressable (~> 2.2.6)
      multipart-post (~> 1.1.3)
      rack (>= 1.1.0, < 2)
    faraday_middleware (0.7.0)
      faraday (~> 0.7.3)
    friendly_id (3.0.1)
      activerecord (>= 2.2)
      activesupport (>= 2.2)
    grackle (0.1.10)
      json
      mime-types
      oauth
    haml (3.0.25)
    hashie (1.1.0)
    htmlentities (4.3.0)
    json (1.6.1)
    linecache (0.46)
      rbx-require-relative (> 0.0.4)
    mime-types (1.17.2)
    mini_fb (1.1.7)
      hashie
      rest-client
    multi_json (1.0.3)
    multi_xml (0.4.1)
    multipart-post (1.1.3)
    mysql (2.8.1)
    nokogiri (1.5.0)
    oauth (0.4.5)
    pr_geohash (1.0.0)
    rack (1.1.2)
    rails (2.3.8)
      actionmailer (= 2.3.8)
      actionpack (= 2.3.8)
      activerecord (= 2.3.8)
      activeresource (= 2.3.8)
      activesupport (= 2.3.8)
      rake (>= 0.8.3)
    rake (0.8.7)
    rbx-require-relative (0.0.5)
    rest-client (1.6.7)
      mime-types (>= 1.16)
    rsolr (0.12.1)
      builder (>= 2.1.2)
    ruby-debug (0.10.4)
      columnize (>= 0.1)
      ruby-debug-base (~> 0.10.4.0)
    ruby-debug-base (0.10.4)
      linecache (>= 0.3)
    simple_oauth (0.1.5)
    sunspot (1.2.1)
      escape (= 0.0.4)
      pr_geohash (~> 1.0)
      rsolr (= 0.12.1)
    sunspot_rails (1.2.1)
      nokogiri
      sunspot (= 1.2.1)
    super_exception_notifier (3.0.13)
      actionmailer
      rake
    truncate_html (0.5.1)
    twitter (1.7.2)
      faraday (~> 0.7.4)
      faraday_middleware (~> 0.7.0)
      hashie (~> 1.1.0)
      multi_json (~> 1.0.0)
      multi_xml (~> 0.4.0)
      simple_oauth (~> 0.1.5)
    whenever (0.7.0)
      activesupport (>= 2.3.4)
      chronic (~> 0.6.3)
    will_paginate (2.3.16)

PLATFORMS
  ruby

DEPENDENCIES
  acl9 (= 0.12.0)
  annotate (~> 2.4.0)
  authlogic (~> 2.1.6)
  dancroak-twitter-search (= 0.5.8)
  friendly_id (= 3.0.1)
  grackle (= 0.1.10)
  haml (~> 3.0.25)
  htmlentities (= 4.3.0)
  json (= 1.6.1)
  mini_fb (~> 1.1.3)
  mysql (~> 2.8.1)
  nokogiri (= 1.5.0)
  rails (= 2.3.8)
  rake (= 0.8.7)
  ruby-debug (~> 0.10.4)
  sunspot (~> 1.2.1)
  sunspot_rails (~> 1.2.1)
  super_exception_notifier (~> 3.0.13)
  truncate_html (= 0.5.1)
  twitter (~> 1.7.2)
  whenever
  will_paginate (~> 2.3.15)
